STORAGE: NONE
NUGET
  remote: https://api.nuget.org/v3/index.json
    FSharp.Collections.ParallelSeq (1.1.4)
      FSharp.Core (>= 4.7.1) - restriction: || (>= net45) (>= netstandard2.0)
      System.ValueTuple (>= 4.4) - restriction: >= net45
    FSharp.Core (5.0)
    FSharp.Text.RegexProvider (2.1)
      FSharp.Core (>= 4.3.4)
    System.ValueTuple (4.5) - restriction: >= net45
